GEM
  remote: https://rubygems.org/
  specs:
    aasm (5.5.0)
      concurrent-ruby (~> 1.0)
    concurrent-ruby (1.2.2)

PLATFORMS
  aarch64-linux

DEPENDENCIES
  aasm (~> 5.5)

BUNDLED WITH
   2.4.10
